GEM
  remote: http://rubygems.org/
  specs:
    bourbon (4.2.6)
      sass (~> 3.4)
      thor (~> 0.19)
    colorator (0.1)
    ffi (1.9.10)
    ffi (1.9.10-x64-mingw32)
    jekyll (3.0.1)
      colorator (~> 0.1)
      jekyll-sass-converter (~> 1.0)
      jekyll-watch (~> 1.1)
      kramdown (~> 1.3)
      liquid (~> 3.0)
      mercenary (~> 0.3.3)
      rouge (~> 1.7)
      safe_yaml (~> 1.0)
    jekyll-paginate (1.1.0)
    jekyll-sass-converter (1.4.0)
      sass (~> 3.4)
    jekyll-watch (1.3.0)
      listen (~> 3.0)
    kramdown (1.9.0)
    liquid (3.0.6)
    listen (3.0.5)
      rb-fsevent (>= 0.9.3)
      rb-inotify (>= 0.9)
    mercenary (0.3.5)
    posix-spawn (0.3.13)
    pygments.rb (0.6.3)
      posix-spawn (~> 0.3.6)
      yajl-ruby (~> 1.2.0)
    rb-fsevent (0.9.7)
    rb-inotify (0.9.5)
      ffi (>= 0.5.0)
    rouge (1.10.1)
    safe_yaml (1.0.4)
    sass (3.4.25)
    thor (0.19.1)
    wdm (0.1.1)
    yajl-ruby (1.2.3)

PLATFORMS
  ruby
  x64-mingw32

DEPENDENCIES
  bourbon (~> 4.2, >= 4.2.6)
  jekyll (~> 3.0, >= 3.0.1)
  jekyll-paginate (~> 1.1)
  pygments.rb (~> 0.6.3)
  sass (~> 3.4, >= 3.4.20)
  wdm (>= 0.1.0)

BUNDLED WITH
   1.17.3
